PATH
  remote: ../..
  specs:
    mini-rails (0.1.0)

GEM
  remote: https://rubygems.org/
  specs:
    minitest (5.10.1)
    rake (10.5.0)

PLATFORMS
  ruby

DEPENDENCIES
  bundler (~> 1.14)
  mini-rails!
  minitest (~> 5.0)
  rake (~> 10.0)

BUNDLED WITH
   1.14.6
